GEM
  remote: https://rubygems.org/
  specs:
    dotenv (0.8.0)
    excon (0.25.3)
    foreman (0.63.0)
      dotenv (>= 0.7)
      thor (>= 0.13.6)
    heroku-api (0.3.15)
      excon (~> 0.25.1)
    rack (1.5.2)
    rack-protection (1.5.0)
      rack
    rake (10.1.0)
    sinatra (1.4.3)
      rack (~> 1.4)
      rack-protection (~> 1.4)
      tilt (~> 1.3, >= 1.3.4)
    thor (0.18.1)
    tilt (1.4.1)

PLATFORMS
  ruby

DEPENDENCIES
  foreman
  heroku-api
  rake
  sinatra
